PATH
  remote: .
  specs:
    backbox (1.0.0)
      thor

GEM
  remote: https://rubygems.org/
  specs:
    aruba (0.5.1)
      childprocess (~> 0.3.6)
      cucumber (>= 1.1.1)
      rspec-expectations (>= 2.7.0)
    builder (3.2.0)
    childprocess (0.3.8)
      ffi (~> 1.0, >= 1.0.11)
    cucumber (1.2.1)
      builder (>= 2.1.2)
      diff-lcs (>= 1.1.3)
      gherkin (~> 2.11.0)
      json (>= 1.4.6)
    diff-lcs (1.2.1)
    ffi (1.4.0)
    gherkin (2.11.6)
      json (>= 1.7.6)
    json (1.7.7)
    rspec-expectations (2.13.0)
      diff-lcs (>= 1.1.3, < 2.0)
    thor (0.17.0)

PLATFORMS
  ruby

DEPENDENCIES
  aruba
  backbox!
